GEM
  remote: https://rubygems.org/
  specs:
    dino (0.11.2)
      serialport
    rack (1.5.2)
    rack-protection (1.5.3)
      rack
    serialport (1.3.0)
    sinatra (1.4.5)
      rack (~> 1.4)
      rack-protection (~> 1.4)
      tilt (~> 1.3, >= 1.3.4)
    subprocess (1.0.0)
    tilt (1.4.1)

PLATFORMS
  ruby

DEPENDENCIES
  dino
  sinatra
  subprocess
